GIT
  remote: git://github.com/mitchellh/libvirt-rb.git
  revision: ac9af4d109077442cf96d142419abf113d393123
  specs:
    libvirt (0.2.1.dev)
      ffi (~> 0.6.3)
      nokogiri (~> 1.4.3)

PATH
  remote: .
  specs:
    virtuoso (0.0.2.dev)
      libvirt (~> 0.2)

GEM
  remote: http://rubygems.org/
  specs:
    bluecloth (2.0.9)
    ffi (0.6.3)
      rake (>= 0.8.7)
    ffi (0.6.3-java)
    mocha (0.9.10)
      rake
    nokogiri (1.4.4)
    nokogiri (1.4.4-java)
      weakling (>= 0.0.3)
    protest (0.4.2)
    rake (0.8.7)
    weakling (0.0.4-java)
    yard (0.6.3)

PLATFORMS
  java
  ruby

DEPENDENCIES
  bluecloth (~> 2.0.9)
  libvirt!
  mocha (~> 0.9.8)
  protest (~> 0.4.0)
  virtuoso!
  yard (~> 0.6.1)
