GIT
  remote: git://github.com/mitchellh/libvirt-rb.git
  revision: 25175fff2c522a9657eaeb655fd11db455c52941
  specs:
    libvirt (0.2.0.dev)
      ffi (~> 0.6.3)
      nokogiri (~> 1.4.3)

PATH
  remote: .
  specs:
    virtuoso (0.0.1.dev)
      libvirt (~> 0.1)

GEM
  remote: http://rubygems.org/
  specs:
    bluecloth (2.0.9)
    ffi (0.6.3)
      rake (>= 0.8.7)
    mocha (0.9.10)
      rake
    nokogiri (1.4.4)
    protest (0.4.2)
    rake (0.8.7)
    yard (0.6.3)

PLATFORMS
  ruby

DEPENDENCIES
  bluecloth (~> 2.0.9)
  libvirt!
  mocha (~> 0.9.8)
  protest (~> 0.4.0)
  virtuoso!
  yard (~> 0.6.1)
